GEM
  remote: https://rubygems.org/
  specs:
    addressable (2.8.7)
      public_suffix (>= 2.0.2, < 7.0)
    ast (2.4.2)
    base64 (0.2.0)
    bcrypt_pbkdf (1.1.1)
    bcrypt_pbkdf (1.1.1-arm64-darwin)
    bcrypt_pbkdf (1.1.1-x86_64-darwin)
    berkshelf (8.0.9)
      chef (>= 15.7.32)
      chef-config
      cleanroom (~> 1.0)
      concurrent-ruby (~> 1.0)
      minitar (>= 0.6)
      mixlib-archive (>= 1.1.4, < 2.0)
      mixlib-config (>= 2.2.5)
      mixlib-shellout (>= 2.0, < 4.0)
      octokit (~> 4.0)
      retryable (>= 2.0, < 4.0)
      solve (~> 4.0)
      thor (>= 0.20)
    bigdecimal (3.1.8)
    builder (3.3.0)
    chef (16.18.30)
      addressable
      bcrypt_pbkdf (~> 1.1)
      bundler (>= 1.10)
      chef-config (= 16.18.30)
      chef-utils (= 16.18.30)
      chef-vault
      chef-zero (>= 14.0.11)
      diff-lcs (>= 1.2.4, < 1.4.0)
      ed25519 (~> 1.2)
      erubis (~> 2.7)
      ffi (>= 1.15)
      ffi-libarchive (~> 1.0, >= 1.0.3)
      ffi-yajl (~> 2.2)
      highline (>= 1.6.9, < 3)
      iniparse (~> 1.4)
      inspec-core (~> 4.23)
      license-acceptance (>= 1.0.5, < 3)
      mixlib-archive (>= 0.4, < 2.0)
      mixlib-authentication (>= 2.1, < 4)
      mixlib-cli (>= 2.1.1, < 3.0)
      mixlib-log (>= 2.0.3, < 4.0)
      mixlib-shellout (>= 3.1.1, < 4.0)
      net-sftp (>= 2.1.2, < 4.0)
      net-ssh (>= 5.1, < 7)
      net-ssh-multi (~> 1.2, >= 1.2.1)
      ohai (~> 16.0)
      pastel
      plist (~> 3.2)
      proxifier (~> 1.0)
      syslog-logger (~> 1.6)
      train-winrm (>= 0.2.5)
      tty-prompt (~> 0.21)
      tty-screen (~> 0.6)
      tty-table (~> 0.11)
      uuidtools (>= 2.1.5, < 3.0)
    chef-cli (5.6.14)
      addressable (>= 2.3.5, < 2.9)
      chef (>= 16.0)
      cookbook-omnifetch (~> 0.5)
      diff-lcs (>= 1.0, < 1.4)
      ffi-yajl (>= 1.0, < 3.0)
      license-acceptance (>= 1.0.11, < 3)
      minitar (~> 0.6)
      mixlib-cli (>= 1.7, < 3.0)
      mixlib-shellout (>= 2.0, < 4.0)
      pastel (~> 0.7)
      solve (> 2.0, < 5.0)
    chef-config (16.18.30)
      addressable
      chef-utils (= 16.18.30)
      fuzzyurl
      mixlib-config (>= 2.2.12, < 4.0)
      mixlib-shellout (>= 2.0, < 4.0)
      tomlrb (~> 1.2)
    chef-telemetry (1.1.1)
      chef-config
      concurrent-ruby (~> 1.0)
    chef-utils (16.18.30)
    chef-vault (4.1.11)
    chef-zero (15.0.11)
      ffi-yajl (~> 2.2)
      hashie (>= 2.0, < 5.0)
      mixlib-log (>= 2.0, < 4.0)
      rack (~> 2.0, >= 2.0.6)
      uuidtools (~> 2.1)
      webrick
    chefspec (9.3.8)
      chef (>= 15)
      chef-cli
      fauxhai-chef (>= 9.3)
      logger (< 1.6)
      rspec (~> 3.0)
      rspec-expectations (<= 3.12.3)
    cleanroom (1.0.0)
    coderay (1.1.3)
    concurrent-ruby (1.3.4)
    cookbook-omnifetch (0.12.2)
      mixlib-archive (>= 0.4, < 2.0)
    cookstyle (7.32.8)
      rubocop (= 1.25.1)
    diff-lcs (1.3)
    ed25519 (1.3.0)
    erubi (1.13.0)
    erubis (2.7.0)
    faraday (1.3.1)
      faraday-net_http (~> 1.0)
      multipart-post (>= 1.2, < 3)
      ruby2_keywords (>= 0.0.4)
    faraday-net_http (1.0.2)
    fauxhai-chef (9.3.16)
      net-ssh
    ffi (1.16.3)
    ffi-libarchive (1.1.14)
      ffi (~> 1.0)
    ffi-yajl (2.6.0)
      libyajl2 (>= 1.2)
    fuzzyurl (0.9.0)
    gssapi (1.3.1)
      ffi (>= 1.0.1)
    gyoku (1.4.0)
      builder (>= 2.1.2)
      rexml (~> 3.0)
    hashie (4.1.0)
    highline (2.1.0)
    httpclient (2.8.3)
    iniparse (1.5.0)
    inspec-core (4.24.32)
      addressable (~> 2.4)
      chef-telemetry (~> 1.0)
      faraday (>= 0.9.0, < 1.4)
      hashie (>= 3.4, < 5.0)
      license-acceptance (>= 0.2.13, < 3.0)
      method_source (>= 0.8, < 2.0)
      mixlib-log (~> 3.0)
      multipart-post (~> 2.0)
      parallel (~> 1.9)
      parslet (>= 1.5, < 3.0)
      pry (~> 0.13)
      rspec (~> 3.10)
      rspec-its (~> 1.2)
      rubyzip (>= 1.2.2, < 3.0)
      semverse (~> 3.0)
      sslshake (~> 1.2)
      thor (>= 0.20, < 2.0)
      tomlrb (>= 1.2, < 2.1)
      train-core (~> 3.0)
      tty-prompt (~> 0.17)
      tty-table (~> 0.10)
    ipaddress (0.8.3)
    json (2.7.2)
    kitchen-vagrant (2.0.1)
      test-kitchen (>= 1.4, < 4)
    libyajl2 (2.1.0)
    license-acceptance (2.1.13)
      pastel (~> 0.7)
      tomlrb (>= 1.2, < 3.0)
      tty-box (~> 0.6)
      tty-prompt (~> 0.20)
    little-plugger (1.1.4)
    logger (1.5.3)
    logging (2.4.0)
      little-plugger (~> 1.1)
      multi_json (~> 1.14)
    method_source (1.1.0)
    minitar (0.12.1)
    mixlib-archive (1.1.7)
      mixlib-log
    mixlib-authentication (3.0.10)
    mixlib-cli (2.1.8)
    mixlib-config (3.0.27)
      tomlrb
    mixlib-install (3.12.30)
      mixlib-shellout
      mixlib-versioning
      thor
    mixlib-log (3.1.1)
      ffi (< 1.17.0)
    mixlib-shellout (3.2.8)
      chef-utils
    mixlib-versioning (1.2.12)
    molinillo (0.8.0)
    multi_json (1.15.0)
    multipart-post (2.4.1)
    net-scp (4.0.0)
      net-ssh (>= 2.6.5, < 8.0.0)
    net-sftp (3.0.0)
      net-ssh (>= 5.0.0, < 7.0.0)
    net-ssh (6.1.0)
    net-ssh-gateway (2.0.0)
      net-ssh (>= 4.0.0)
    net-ssh-multi (1.2.1)
      net-ssh (>= 2.6.5)
      net-ssh-gateway (>= 1.2.0)
    nori (2.7.1)
      bigdecimal
    octokit (4.25.1)
      faraday (>= 1, < 3)
      sawyer (~> 0.9)
    ohai (16.17.2)
      chef-config (>= 14.12, < 17)
      chef-utils (>= 16.0, < 17)
      ffi (~> 1.9)
      ffi-yajl (~> 2.2)
      ipaddress
      mixlib-cli (>= 1.7.0)
      mixlib-config (>= 2.0, < 4.0)
      mixlib-log (>= 2.0.1, < 4.0)
      mixlib-shellout (~> 3.2, >= 3.2.5)
      plist (~> 3.1)
      train-core
      wmi-lite (~> 1.0)
    parallel (1.26.3)
    parser (3.3.5.0)
      ast (~> 2.4.1)
      racc
    parslet (2.0.0)
    pastel (0.8.0)
      tty-color (~> 0.5)
    plist (3.7.1)
    proxifier (1.0.3)
    pry (0.14.2)
      coderay (~> 1.1)
      method_source (~> 1.0)
    public_suffix (6.0.1)
    racc (1.8.1)
    rack (2.2.9)
    rainbow (3.1.1)
    regexp_parser (2.9.2)
    retryable (3.0.5)
    rexml (3.3.8)
    rspec (3.12.0)
      rspec-core (~> 3.12.0)
      rspec-expectations (~> 3.12.0)
      rspec-mocks (~> 3.12.0)
    rspec-core (3.12.3)
      rspec-support (~> 3.12.0)
    rspec-expectations (3.12.3)
      diff-lcs (>= 1.2.0, < 2.0)
      rspec-support (~> 3.12.0)
    rspec-its (1.3.0)
      rspec-core (>= 3.0.0)
      rspec-expectations (>= 3.0.0)
    rspec-mocks (3.12.7)
      diff-lcs (>= 1.2.0, < 2.0)
      rspec-support (~> 3.12.0)
    rspec-support (3.12.2)
    rubocop (1.25.1)
      parallel (~> 1.10)
      parser (>= 3.1.0.0)
      rainbow (>= 2.2.2, < 4.0)
      regexp_parser (>= 1.8, < 3.0)
      rexml
      rubocop-ast (>= 1.15.1, < 2.0)
      ruby-progressbar (~> 1.7)
      unicode-display_width (>= 1.4.0, < 3.0)
    rubocop-ast (1.32.3)
      parser (>= 3.3.1.0)
    rubocop-rspec (2.11.1)
      rubocop (~> 1.19)
    ruby-progressbar (1.13.0)
    ruby2_keywords (0.0.5)
    rubyntlm (0.6.5)
      base64
    rubyzip (2.3.2)
    sawyer (0.9.2)
      addressable (>= 2.3.5)
      faraday (>= 0.17.3, < 3)
    semverse (3.0.2)
    solve (4.0.4)
      molinillo (~> 0.6)
      semverse (>= 1.1, < 4.0)
    sslshake (1.3.1)
    strings (0.2.1)
      strings-ansi (~> 0.2)
      unicode-display_width (>= 1.5, < 3.0)
      unicode_utils (~> 1.4)
    strings-ansi (0.2.0)
    syslog-logger (1.6.8)
    test-kitchen (3.7.0)
      bcrypt_pbkdf (~> 1.0)
      chef-utils (>= 16.4.35)
      ed25519 (~> 1.2)
      license-acceptance (>= 1.0.11, < 3.0)
      mixlib-install (~> 3.6)
      mixlib-shellout (>= 1.2, < 4.0)
      net-scp (>= 1.1, < 5.0)
      net-ssh (>= 2.9, < 8.0)
      net-ssh-gateway (>= 1.2, < 3.0)
      thor (>= 0.19, < 2.0)
      winrm (~> 2.0)
      winrm-elevated (~> 1.0)
      winrm-fs (~> 1.1)
    thor (1.3.2)
    tomlrb (1.3.0)
    train-core (3.12.7)
      addressable (~> 2.5)
      ffi (!= 1.13.0)
      json (>= 1.8, < 3.0)
      mixlib-shellout (>= 2.0, < 4.0)
      net-scp (>= 1.2, < 5.0)
      net-ssh (>= 2.9, < 8.0)
    train-winrm (0.2.13)
      winrm (>= 2.3.6, < 3.0)
      winrm-elevated (~> 1.2.2)
      winrm-fs (~> 1.0)
    tty-box (0.7.0)
      pastel (~> 0.8)
      strings (~> 0.2.0)
      tty-cursor (~> 0.7)
    tty-color (0.6.0)
    tty-cursor (0.7.1)
    tty-prompt (0.23.1)
      pastel (~> 0.8)
      tty-reader (~> 0.8)
    tty-reader (0.9.0)
      tty-cursor (~> 0.7)
      tty-screen (~> 0.8)
      wisper (~> 2.0)
    tty-screen (0.8.2)
    tty-table (0.12.0)
      pastel (~> 0.8)
      strings (~> 0.2.0)
      tty-screen (~> 0.8)
    unicode-display_width (2.6.0)
    unicode_utils (1.4.0)
    uuidtools (2.2.0)
    webrick (1.8.2)
    winrm (2.3.9)
      builder (>= 2.1.2)
      erubi (~> 1.8)
      gssapi (~> 1.2)
      gyoku (~> 1.0)
      httpclient (~> 2.2, >= 2.2.0.2)
      logging (>= 1.6.1, < 3.0)
      nori (~> 2.0, >= 2.7.1)
      rexml (~> 3.0)
      rubyntlm (~> 0.6.0, >= 0.6.3)
    winrm-elevated (1.2.3)
      erubi (~> 1.8)
      winrm (~> 2.0)
      winrm-fs (~> 1.0)
    winrm-fs (1.3.5)
      erubi (~> 1.8)
      logging (>= 1.6.1, < 3.0)
      rubyzip (~> 2.0)
      winrm (~> 2.0)
    wisper (2.0.1)
    wmi-lite (1.0.7)

PLATFORMS
  arm64-darwin
  ruby
  x86_64-darwin

DEPENDENCIES
  berkshelf
  chef (~> 16.1)
  chefspec
  cookstyle
  kitchen-vagrant
  rubocop-rspec
  test-kitchen

BUNDLED WITH
   2.5.21
